PATH
  remote: ../ruby-nxt
  specs:
    nxt (0.5.0)
      serialport (~> 1.0.4)

GEM
  remote: https://rubygems.org/
  specs:
    coderay (1.0.9)
    method_source (0.8.1)
    pry (0.9.12)
      coderay (~> 1.0.5)
      method_source (~> 0.8)
      slop (~> 3.4)
    serialport (1.0.4)
    slop (3.4.4)

PLATFORMS
  ruby

DEPENDENCIES
  nxt!
  pry
